GEM
  remote: https://rubygems.org/
  specs:
<<<<<<< HEAD
    diff-lcs (1.2.5)
    rspec (3.5.0)
      rspec-core (~> 3.5.0)
      rspec-expectations (~> 3.5.0)
      rspec-mocks (~> 3.5.0)
    rspec-core (3.5.4)
      rspec-support (~> 3.5.0)
    rspec-expectations (3.5.0)
      diff-lcs (>= 1.2.0, < 2.0)
      rspec-support (~> 3.5.0)
    rspec-mocks (3.5.0)
      diff-lcs (>= 1.2.0, < 2.0)
      rspec-support (~> 3.5.0)
    rspec-support (3.5.0)
=======
>>>>>>> ffe7f446f49cfbaa1071a122cd999ab94157703a

PLATFORMS
  ruby

DEPENDENCIES
<<<<<<< HEAD
  rspec
=======
>>>>>>> ffe7f446f49cfbaa1071a122cd999ab94157703a

BUNDLED WITH
   1.13.6
